GEM
  remote: https://rubygems.org/
  specs:
    haml (4.0.5)
      tilt
    rake (10.2.1)
    sass (3.3.4)
    tilt (2.0.1)

PLATFORMS
  ruby

DEPENDENCIES
  haml (~> 4.0.3)
  rake (~> 10.2.0)
  sass (~> 3.3.4)
